PATH
  remote: .
  specs:
    amortizations (0.1.0)
      activemodel (>= 5.0, < 7)
      xirr (~> 0.6)

GEM
  remote: https://rubygems.org/
  specs:
    RubyInline (3.13.0)
      ZenTest (~> 4.3)
    ZenTest (4.12.1)
    activemodel (5.2.8.1)
      activesupport (= 5.2.8.1)
    activesupport (5.2.8.1)
      concurrent-ruby (~> 1.0, >= 1.0.2)
      i18n (>= 0.7, < 2)
      minitest (~> 5.1)
      tzinfo (~> 1.1)
    concurrent-ruby (1.2.2)
    i18n (1.12.0)
      concurrent-ruby (~> 1.0)
    minitest (5.18.0)
    power_assert (2.0.3)
    rake (13.0.6)
    test-unit (3.5.7)
      power_assert
    thread_safe (0.3.6)
    tzinfo (1.2.11)
      thread_safe (~> 0.1)
    xirr (0.6.1)
      RubyInline (~> 3)
      activesupport (>= 4.1, <= 5.3)

PLATFORMS
  arm64-darwin-22

DEPENDENCIES
  amortizations!
  bundler (~> 2.2)
  rake (~> 13.0)
  test-unit (~> 3.0)

BUNDLED WITH
   2.4.12
